NUGET
  remote: https://www.nuget.org/api/v2
  specs:
    Fluent-CQRS (2.0.4.2)
    LightInject (3.0.2.7)
    Serilog (1.5.14)
